PATH
  remote: .
  specs:
    scurge (1.0.1)
      activesupport
      awesome_print
      htmlentities
      nokogiri
      stringex
      trollop

GEM
  remote: http://rubygems.org/
  specs:
    activesupport (3.2.5)
      i18n (~> 0.6)
      multi_json (~> 1.0)
    awesome_print (1.0.2)
    htmlentities (4.3.1)
    i18n (0.6.0)
    multi_json (1.3.6)
    nokogiri (1.5.2)
    rake (0.9.2.2)
    stringex (1.4.0)
    trollop (1.16.2)

PLATFORMS
  ruby

DEPENDENCIES
  rake
  scurge!
